GEM
  remote: https://rubygems.org/
  specs:
    rack (2.2.3)
    roda (3.54.0)
      rack

PLATFORMS
  x86_64-linux

DEPENDENCIES
  roda

BUNDLED WITH
   2.3.8
